GEM
  remote: http://rubygems.org/
  remote: http://gems.sv2/
  specs:
    colorize (0.5.8)
    fezzik (0.7.0)
      colorize (>= 0.5.8)
      rake (~> 0.8.7)
      rake-remote_task (~> 2.0.2)
    json (1.7.5)
    mime-types (1.19)
    minitest (3.3.0)
    open4 (1.3.0)
    rack (1.4.1)
    rack-protection (1.2.0)
      rack
    rake (0.8.7)
    rake-remote_task (2.0.6)
      open4 (~> 1.0)
      rake (~> 0.8)
    rest-client (1.6.7)
      mime-types (>= 1.16)
    scope (0.2.3)
      minitest
    sinatra (1.3.3)
      rack (~> 1.3, >= 1.3.6)
      rack-protection (~> 1.2)
      tilt (~> 1.3, >= 1.3.3)
    tilt (1.3.3)

PLATFORMS
  ruby

DEPENDENCIES
  fezzik
  json
  rest-client
  scope
  sinatra
